GEM
  remote: https://rubygems.org/
  specs:
    daemons (1.4.1)
    diff-lcs (1.5.0)
    eventmachine (1.2.7)
    rack (2.2.4)
    rspec (3.11.0)
      rspec-core (~> 3.11.0)
      rspec-expectations (~> 3.11.0)
      rspec-mocks (~> 3.11.0)
    rspec-core (3.11.0)
      rspec-support (~> 3.11.0)
    rspec-expectations (3.11.0)
      diff-lcs (>= 1.2.0, < 2.0)
      rspec-support (~> 3.11.0)
    rspec-mocks (3.11.1)
      diff-lcs (>= 1.2.0, < 2.0)
      rspec-support (~> 3.11.0)
    rspec-support (3.11.0)
    thin (1.8.1)
      daemons (~> 1.0, >= 1.0.9)
      eventmachine (~> 1.0, >= 1.0.4)
      rack (>= 1, < 3)

PLATFORMS
  ruby

DEPENDENCIES
  rack (~> 2.2, >= 2.2.4)
  rspec (~> 3.0)
  thin

BUNDLED WITH
   1.17.2
